GIT
  remote: git@github.com:adeven/capper.git
  revision: 5851269e0db1660979d17300818be6bec56041c9
  specs:
    capper (2.0.0)
      capistrano
      capistrano_colors
      dedent
      erubis
      rvm-capistrano

GEM
  remote: https://rubygems.org/
  specs:
    capistrano (2.15.5)
      highline
      net-scp (>= 1.0.0)
      net-sftp (>= 2.0.0)
      net-ssh (>= 2.0.14)
      net-ssh-gateway (>= 1.1.0)
    capistrano_colors (0.5.5)
    dedent (1.0.1)
    erubis (2.7.0)
    highline (1.6.21)
    net-scp (1.2.1)
      net-ssh (>= 2.6.5)
    net-sftp (2.1.2)
      net-ssh (>= 2.6.5)
    net-ssh (2.9.1)
    net-ssh-gateway (1.2.0)
      net-ssh (>= 2.6.5)
    rvm-capistrano (1.5.3)
      capistrano (~> 2.15.4)

PLATFORMS
  ruby

DEPENDENCIES
  capper!
